{
    "Modality": "MR",
    "MagneticFieldStrength": 3,
    "ImagingFrequency": 123.219,
    "Manufacturer": "Siemens",
    "ManufacturersModelName": "Prisma_fit",
    "InstitutionName": "UCSB Psychology and Brain Imaging",
    "InstitutionalDepartmentName": "Psych Department",
    "InstitutionAddress": "UCEN Rd 551   Bldg 251,Isla Vista,Los Angeles,US,93117",
    "DeviceSerialNumber": "67022",
    "StationName": "MRC35273",
    "BodyPartExamined": "BRAIN",
    "PatientPosition": "HFS",
    "ProcedureStepDescription": "Lapate^J_Wang",
    "SoftwareVersions": "syngo MR E11",
    "MRAcquisitionType": "2D",
    "SeriesDescription": "epi_2.5mm_TR1.9s_TE30_mb2",
    "ProtocolName": "epi_2.5mm_TR1.9s_TE30_mb2",
    "ScanningSequence": "EP",
    "SequenceVariant": "SK\\SP",
    "ScanOptions": "PFP\\FS",
    "SequenceName": "epfid2d1_80",
    "ImageType": [
        "ORIGINAL",
        "PRIMARY",
        "M",
        "MB",
        "ND",
        "MOSAIC"
    ],
    "SeriesNumber": 15,
    "AcquisitionTime": "13:39:3.285000",
    "AcquisitionNumber": 1,
    "ImageComments": "Unaliased MB2/PE2/LB",
    "SliceThickness": 2.5,
    "SpacingBetweenSlices": 2.5,
    "SAR": 0.0819208,
    "EchoTime": 0.03,
    "RepetitionTime": 1.9,
    "SpoilingState": true,
    "FlipAngle": 65,
    "PartialFourier": 0.75,
    "BaseResolution": 80,
    "ShimSetting": [
        -4156,
        1283,
        -5844,
        488,
        6,
        -180,
        -45,
        38
    ],
    "TxRefAmp": 209.203,
    "PhaseResolution": 1,
    "ReceiveCoilName": "HeadNeck_64",
    "ReceiveCoilActiveElements": "HC1-6",
    "PulseSequenceDetails": "%CustomerSeq%\\cmrr_mbep2d_bold",
    "WipMemBlock": "ad5c8df8-1dde-48f9-ad1c-902dcbe1751f||Sequence: R016 ve11c/master r/e634e98; Dec 19 2017 11:00:25 by eja",
    "CoilCombinationMethod": "Sum of Squares",
    "ConsistencyInfo": "N4_VE11C_LATEST_20160120",
    "MatrixCoilMode": "SENSE",
    "MultibandAccelerationFactor": 2,
    "PercentPhaseFOV": 100,
    "PercentSampling": 100,
    "EchoTrainLength": 60,
    "PhaseEncodingSteps": 60,
    "AcquisitionMatrixPE": 80,
    "ReconMatrixPE": 80,
    "BandwidthPerPixelPhaseEncode": 20.492,
    "EffectiveEchoSpacing": 0.000609994,
    "DerivedVendorReportedEchoSpacing": 0.000609994,
    "TotalReadoutTime": 0.0481895,
    "PixelBandwidth": 1895,
    "DwellTime": 3.3e-06,
    "PhaseEncodingDirection": "j",
    "SliceTiming": [
        0,
        0.975,
        0.07,
        1.045,
        0.14,
        1.115,
        0.21,
        1.185,
        0.28,
        1.2525,
        0.3475,
        1.3225,
        0.4175,
        1.3925,
        0.4875,
        1.4625,
        0.5575,
        1.5325,
        0.6275,
        1.6025,
        0.6975,
        1.6725,
        0.7675,
        1.74,
        0.835,
        1.81,
        0.905,
        0,
        0.975,
        0.07,
        1.045,
        0.14,
        1.115,
        0.21,
        1.185,
        0.28,
        1.2525,
        0.3475,
        1.3225,
        0.4175,
        1.3925,
        0.4875,
        1.4625,
        0.5575,
        1.5325,
        0.6275,
        1.6025,
        0.6975,
        1.6725,
        0.7675,
        1.74,
        0.835,
        1.81,
        0.905
    ],
    "ImageOrientationPatientDICOM": [
        0.999394,
        0.0158419,
        -0.0310056,
        -0.0155253,
        0.999825,
        0.0104248
    ],
    "ImageOrientationText": "Tra>Sag(-1.8)>Cor(0.6)",
    "InPlanePhaseEncodingDirectionDICOM": "COL",
    "ConversionSoftware": "dcm2niix",
    "ConversionSoftwareVersion": "v1.0.20211006",
    "TaskName": "approachavoid"
}